GEM
  remote: https://rubygems.org/
  specs:
    POpen4 (0.1.4)
      Platform (>= 0.4.0)
      open4
    Platform (0.4.0)
    ansi (1.4.2)
    builder (3.0.0)
    coffee-script (2.2.0)
      coffee-script-source
      execjs
    coffee-script-source (1.3.3)
    dalli (2.0.5)
    execjs (1.4.0)
      multi_json (~> 1.0)
    hike (1.2.1)
    kgio (2.7.4)
    multi_json (1.3.7)
    oj (1.2.9)
    open4 (1.3.0)
    pg (0.13.2)
    puma (1.6.3)
      rack (~> 1.2)
    rack (1.4.1)
    rack-cache (1.2)
      rack (>= 0.4)
    rack-instruments (0.3.1)
      slides (~> 0.2.0)
    rack-protection (1.3.2)
      rack
    rack-robots (0.1.2)
    rack-ssl (1.3.2)
      rack
    rack-test (0.6.1)
      rack (>= 1.0)
    redcarpet (2.1.1)
    rr (1.0.4)
    sass (3.1.19)
    sequel (3.36.1)
    sequel-instruments (0.1.0)
      slides (~> 0.1)
    sinatra (1.3.3)
      rack (~> 1.3, >= 1.3.6)
      rack-protection (~> 1.2)
      tilt (~> 1.3, >= 1.3.3)
    sinatra-router (0.2.0)
      sinatra (~> 1.3.3)
    slides (0.2.0)
    slim (1.2.1)
      temple (~> 0.4.0)
      tilt (~> 1.3.3)
    sprockets (2.4.5)
      hike (~> 1.2)
      multi_json (~> 1.0)
      rack (~> 1.0)
      tilt (~> 1.1, != 1.3.0)
    temple (0.4.0)
    tilt (1.3.3)
    turn (0.9.5)
      ansi
    uglifier (1.2.4)
      execjs (>= 0.3.0)
      multi_json (>= 1.0.2)
    yui-compressor (0.9.6)
      POpen4 (>= 0.1.4)

PLATFORMS
  ruby

DEPENDENCIES
  builder
  coffee-script
  dalli
  kgio
  multi_json
  oj
  pg
  puma
  rack
  rack-cache
  rack-instruments
  rack-robots
  rack-ssl
  rack-test
  redcarpet
  rr
  sass
  sequel
  sequel-instruments
  sinatra
  sinatra-router
  slides
  slim
  sprockets
  turn
  uglifier
  yui-compressor
