GEM
  remote: http://rubygems.org/
  specs:
    ansi (1.4.2)
    backports (2.6.1)
    builder (3.0.0)
    coffee-script (2.2.0)
      coffee-script-source
      execjs
    coffee-script-source (1.3.3)
    columnize (0.3.6)
    daemons (1.1.8)
    dalli (2.0.5)
    debugger (1.1.4)
      columnize (>= 0.3.1)
      debugger-linecache (~> 1.1.1)
      debugger-ruby_core_source (~> 1.1.3)
    debugger-linecache (1.1.1)
      debugger-ruby_core_source (>= 1.1.1)
    debugger-ruby_core_source (1.1.3)
    eventmachine (0.12.10)
    execjs (1.4.0)
      multi_json (~> 1.0)
    hike (1.2.1)
    kgio (2.7.4)
    m (1.1.0)
      method_source (~> 0.6.7)
      rake (>= 0.9.2.2, < 1.0.0)
    method_source (0.6.7)
      ruby_parser (>= 2.3.1)
    multi_json (1.3.6)
    oj (1.2.9)
    pg (0.13.2)
    rack (1.4.1)
    rack-instruments (0.1.7)
      slides (~> 0.1)
    rack-protection (1.2.0)
      rack
    rack-robots (0.1.1)
    rack-test (0.6.1)
      rack (>= 1.0)
    rake (0.9.2.2)
    redcarpet (2.1.1)
    rr (1.0.4)
    ruby_parser (2.3.1)
      sexp_processor (~> 3.0)
    sass (3.1.19)
    sequel (3.36.1)
    sexp_processor (3.2.0)
    sinatra (1.3.2)
      rack (~> 1.3, >= 1.3.6)
      rack-protection (~> 1.2)
      tilt (~> 1.3, >= 1.3.3)
    sinatra-contrib (1.3.1)
      backports (>= 2.0)
      eventmachine
      rack-protection
      rack-test
      sinatra (~> 1.3.0)
      tilt (~> 1.3)
    slides (0.1.5)
    slim (1.2.1)
      temple (~> 0.4.0)
      tilt (~> 1.3.3)
    sprockets (2.4.3)
      hike (~> 1.2)
      multi_json (~> 1.0)
      rack (~> 1.0)
      tilt (~> 1.1, != 1.3.0)
    temple (0.4.0)
    thin (1.3.1)
      daemons (>= 1.0.9)
      eventmachine (>= 0.12.6)
      rack (>= 1.0.0)
    tilt (1.3.3)
    turn (0.9.5)
      ansi
    uglifier (1.2.4)
      execjs (>= 0.3.0)
      multi_json (>= 1.0.2)

PLATFORMS
  ruby

DEPENDENCIES
  builder
  coffee-script
  dalli
  debugger (~> 1.1.3)
  kgio
  m (~> 1.1)
  multi_json
  oj
  pg
  rack
  rack-instruments
  rack-robots
  rack-test
  rake (~> 0.9.2.2)
  redcarpet
  rr (~> 1.0.4)
  sass
  sequel
  sinatra
  sinatra-contrib (~> 1.3.1)
  slides
  slim
  sprockets
  thin
  turn (~> 0.9.4)
  uglifier
